GIT
  remote: git://github.com/celluloid/celluloid-io.git
  revision: 8905707c55f535601ab3514277d7c8cd939d988a
  specs:
    celluloid-io (0.11.0)
      celluloid (~> 0.11.0)
      nio4r (>= 0.3.1)

GIT
  remote: git://github.com/celluloid/celluloid.git
  revision: 5bcf7c9017f482636d80fb26b56810ba3b681f39
  specs:
    celluloid (0.11.0)

GIT
  remote: git://github.com/celluloid/dcell.git
  revision: 28aca3e92d957275f83f35d9dcdf60326b0ce68e
  specs:
    dcell (0.11.0)
      celluloid (~> 0.11.0)
      celluloid-zmq (~> 0.11.0)
      moneta
      redis
      redis-namespace
      reel (~> 0.0.1)

GIT
  remote: git://github.com/celluloid/reel.git
  revision: 356da6ca806c1a49e57205300b31ddc2b5432ecf
  specs:
    reel (0.0.2)
      celluloid-io (>= 0.8.0)
      http (>= 0.2.0)
      http_parser.rb (>= 0.5.3)

GIT
  remote: git://github.com/fujin/celluloid-zmq.git
  revision: e8e40799f95513e4f834efe7a360b8dc000ab033
  branch: feature/writeablesocket-messages-array-revert-bug
  specs:
    celluloid-zmq (0.11.0)
      celluloid (~> 0.11.0)
      celluloid-io (~> 0.11.0)
      ffi
      ffi-rzmq

GEM
  remote: http://rubygems.org/
  specs:
    certified (0.1.0)
    diff-lcs (1.1.3)
    ffi (1.0.11)
    ffi (1.0.11-java)
    ffi-rzmq (0.9.3)
      ffi
    guard (1.1.1)
      listen (>= 0.4.2)
      thor (>= 0.14.6)
    guard-rspec (1.0.0)
      guard (>= 1.1)
    http (0.2.0)
      certified
    http_parser.rb (0.5.3)
    http_parser.rb (0.5.3-java)
    ipaddress (0.8.0)
    listen (0.4.3)
      rb-fchange (~> 0.0.5)
      rb-fsevent (~> 0.9.1)
      rb-inotify (~> 0.8.8)
    mixlib-cli (1.2.2)
    mixlib-config (1.1.2)
    mixlib-log (1.3.0)
    moneta (0.6.0)
    nio4r (0.3.3)
    nio4r (0.3.3-java)
    ohai (6.14.0)
      ipaddress
      mixlib-cli
      mixlib-config
      mixlib-log
      systemu
      yajl-ruby
    rake (0.9.2.2)
    rb-fchange (0.0.5)
      ffi
    rb-fsevent (0.9.1)
    rb-inotify (0.8.8)
      ffi (>= 0.5.0)
    redis (3.0.1)
    redis-namespace (1.2.0)
      redis (~> 3.0.0)
    rspec (2.10.0)
      rspec-core (~> 2.10.0)
      rspec-expectations (~> 2.10.0)
      rspec-mocks (~> 2.10.0)
    rspec-core (2.10.1)
    rspec-expectations (2.10.0)
      diff-lcs (~> 1.1.3)
    rspec-mocks (2.10.1)
    systemu (2.5.1)
    thor (0.15.2)
    yajl-ruby (1.1.0)

PLATFORMS
  java
  ruby

DEPENDENCIES
  celluloid!
  celluloid-io!
  celluloid-zmq!
  dcell!
  guard-rspec
  ohai
  rake
  reel!
  rspec
  yajl-ruby
